GEM
  remote: https://rubygems.org/
  specs:
    builder (3.2.2)
    cucumber (1.1.3)
      builder (>= 2.1.2)
      diff-lcs (>= 1.1.2)
      gherkin (~> 2.6.7)
      json (>= 1.4.6)
      term-ansicolor (>= 1.0.6)
    diff-lcs (1.1.3)
    gherkin (2.6.9)
      json (>= 1.4.6)
    json (1.8.3)
    rspec-expectations (2.7.0)
      diff-lcs (~> 1.1.2)
    term-ansicolor (1.3.2)
      tins (~> 1.0)
    tins (1.6.0)

PLATFORMS
  ruby

DEPENDENCIES
  cucumber (= 1.1.3)
  json (= 1.8.3)
  rspec-expectations (= 2.7.0)

BUNDLED WITH
   1.10.6
